STORAGE: NONE
RESTRICTION: || (== netcoreapp3.1) (== netstandard2.0)
NUGET
  remote: https://api.nuget.org/v3/index.json
    Akka (1.4.0-beta3)
      Newtonsoft.Json (>= 9.0.1)
      System.Collections.Immutable (>= 1.6)
      System.ValueTuple (>= 4.5)
    Akka.Cluster (1.4.0-beta3)
      Akka.Remote (>= 1.4.0-beta3)
    Akka.Cluster.Sharding (1.4.0-beta3)
      Akka.Cluster.Tools (>= 1.4.0-beta3)
      Akka.DistributedData (>= 1.4.0-beta3)
      Akka.Persistence (>= 1.4.0-beta3)
    Akka.Cluster.Tools (1.4.0-beta3)
      Akka.Cluster (>= 1.4.0-beta3)
    Akka.DistributedData (1.4.0-beta3)
      Akka.Cluster (>= 1.4.0-beta3)
      Hyperion (>= 0.9.10)
    Akka.Persistence (1.4.0-beta3)
      Akka (>= 1.4.0-beta3)
      Google.Protobuf (>= 3.10)
    Akka.Persistence.Query (1.4.0-beta3)
      Akka.Persistence (>= 1.4.0-beta3)
      Akka.Streams (>= 1.4.0-beta3)
    Akka.Persistence.Query.Sql (1.4.0-beta3)
      Akka.Persistence (>= 1.4.0-beta3)
      Akka.Persistence.Query (>= 1.4.0-beta3)
      Akka.Persistence.Sql.Common (>= 1.4.0-beta3)
    Akka.Persistence.Sql.Common (1.4.0-beta3)
      Akka.Persistence (>= 1.4.0-beta3)
      System.Data.Common (>= 4.3)
    Akka.Persistence.Sqlite (1.4.0-beta3)
      Akka.Persistence (>= 1.4.0-beta3)
      Akka.Persistence.Sql.Common (>= 1.4.0-beta3)
      Microsoft.Data.Sqlite (>= 2.2.3)
    Akka.Remote (1.4.0-beta3)
      Akka (>= 1.4.0-beta3)
      DotNetty.Handlers (>= 0.6)
      Google.Protobuf (>= 3.10)
    Akka.Serialization.Hyperion (1.4.0-beta3)
      Akka (>= 1.4.0-beta3)
      Hyperion (>= 0.9.10)
    Akka.Streams (1.4.0-beta3)
      Akka (>= 1.4.0-beta3)
      Google.Protobuf (>= 3.10)
      Reactive.Streams (>= 1.0.2)
      System.Reflection.TypeExtensions (>= 4.6)
    Akkling (0.9.3)
      Akka (>= 1.3.8)
      Akka.Serialization.Hyperion (>= 1.3.8-beta66)
      FSharp.Core (>= 4.3.4)
      NETStandard.Library (>= 1.6.1)
      System.ValueTuple (>= 4.3.1)
    Akkling.Cluster.Sharding (0.9.3)
      Akka.Cluster.Sharding (>= 1.3.8-beta66)
      Akkling (>= 0.9.3)
      Akkling.DistributedData (>= 0.9.3)
      Akkling.Persistence (>= 0.9.3)
      FSharp.Core (>= 4.3.4)
      NETStandard.Library (>= 1.6.1)
      System.ValueTuple (>= 4.5)
    Akkling.DistributedData (0.9.3)
      Akka.DistributedData (>= 1.3.8-beta66)
      Akkling (>= 0.9.3)
      FSharp.Core (>= 4.3.4)
      NETStandard.Library (>= 1.6.1)
      System.ValueTuple (>= 4.5)
    Akkling.Persistence (0.9.3)
      Akka.Persistence (>= 1.3.8)
      Akkling (>= 0.9.3)
      Akkling.Streams (>= 0.9.3)
      FSharp.Core (>= 4.3.4)
      NETStandard.Library (>= 1.6.1)
      System.ValueTuple (>= 4.5)
    Akkling.Streams (0.9.3)
      Akka.Streams (>= 1.3.8)
      Akkling (>= 0.9.3)
      FSharp.Core (>= 4.3.4)
      NETStandard.Library (>= 1.6.1)
      System.ValueTuple (>= 4.5)
    Blazor.Extensions.SignalR (1.0)
      Microsoft.AspNetCore.Components.Web (>= 3.0)
    Bolero (0.9.3-preview9)
      Elmish (>= 2.0 < 3.0)
      FSharp.Core (>= 4.5)
      Microsoft.AspNetCore.Blazor (3.0.0-preview9.19465.2)
    Bolero.Build (0.9.3-preview9)
    Bolero.HotReload (0.9.3-preview9)
      Blazor.Extensions.SignalR (>= 0.4)
      Bolero (>= 0.9.3-preview9)
      FSharp.Core (>= 4.5.2)
      HtmlAgilityPack (>= 1.8)
    Bolero.HotReload.Server (0.9.3-preview9)
      Bolero.HotReload (0.9.3-preview9)
      FSharp.Core (>= 4.5.2)
    Bolero.Server (0.9.3-preview9)
      Bolero (0.9.3-preview9)
      FSharp.Core (>= 4.5)
      TaskBuilder.fs (>= 2.1)
    DotNetty.Buffers (0.6)
      DotNetty.Common (>= 0.6)
      NETStandard.Library (>= 1.6.1)
      System.Diagnostics.Contracts (>= 4.3)
      System.Runtime.CompilerServices.Unsafe (>= 4.5.2)
    DotNetty.Codecs (0.6)
      DotNetty.Buffers (>= 0.6)
      DotNetty.Common (>= 0.6)
      DotNetty.Transport (>= 0.6)
      NETStandard.Library (>= 1.6.1)
      System.Collections.Immutable (>= 1.5)
      System.Diagnostics.Contracts (>= 4.3)
    DotNetty.Common (0.6)
      Microsoft.Extensions.Logging (>= 1.1.1)
      NETStandard.Library (>= 1.6.1)
      System.Diagnostics.Contracts (>= 4.3)
      System.Net.NetworkInformation (>= 4.3)
      System.Runtime.CompilerServices.Unsafe (>= 4.5.2)
    DotNetty.Handlers (0.6)
      DotNetty.Buffers (>= 0.6)
      DotNetty.Codecs (>= 0.6)
      DotNetty.Common (>= 0.6)
      DotNetty.Transport (>= 0.6)
      NETStandard.Library (>= 1.6.1)
      System.Diagnostics.Contracts (>= 4.3)
      System.Globalization.Extensions (>= 4.3)
      System.Net.Security (>= 4.3.2)
    DotNetty.Transport (0.6)
      DotNetty.Buffers (>= 0.6)
      DotNetty.Common (>= 0.6)
      NETStandard.Library (>= 1.6.1)
      System.Diagnostics.Contracts (>= 4.3)
      System.Diagnostics.StackTrace (>= 4.3)
      System.Net.NameResolution (>= 4.3)
      System.Net.Primitives (>= 4.3)
      System.Net.Sockets (>= 4.3)
      System.Reflection.TypeExtensions (>= 4.3)
      System.Threading.Tasks.Extensions (>= 4.5.1)
    Dynamic.ConfigSection (1.0.1)
      FSharp.Core (>= 4.7)
      Microsoft.Extensions.Configuration (>= 2.2)
    Elmish (2.0.3)
      FSharp.Core (>= 4.5.2)
    FSharp.Core (4.7)
    Google.Protobuf (3.11.2)
      System.Memory (>= 4.5.2)
    HtmlAgilityPack (1.11.17)
      System.Net.Http (>= 4.3.2)
      System.Xml.XmlDocument (>= 4.3)
      System.Xml.XPath (>= 4.3)
      System.Xml.XPath.XmlDocument (>= 4.3)
    Hyperion (0.9.11)
      Microsoft.CSharp (>= 4.6)
      System.Runtime (>= 4.3.1)
    JWT (5.3.1)
      Newtonsoft.Json (>= 9.0.1)
      System.ComponentModel.Primitives (>= 4.3)
      System.Reflection.TypeExtensions (>= 4.5.1)
      System.Security.Cryptography.Csp (>= 4.3)
    Microsoft.AspNetCore.Authorization (3.1)
      Microsoft.AspNetCore.Metadata (>= 3.1)
      Microsoft.Extensions.Logging.Abstractions (>= 3.1)
      Microsoft.Extensions.Options (>= 3.1)
    Microsoft.AspNetCore.Blazor (3.0.0-preview9.19465.2)
      Microsoft.AspNetCore.Components.Web (>= 3.0)
      Microsoft.Extensions.Options (>= 3.0)
      Mono.WebAssembly.Interop (>= 3.0)
    Microsoft.AspNetCore.Blazor.Build (3.0.0-preview9.19465.2)
      Microsoft.AspNetCore.Blazor.Mono (>= 3.0.0-preview9.19462.2)
    Microsoft.AspNetCore.Blazor.DevServer (3.0.0-preview9.19465.2)
    Microsoft.AspNetCore.Blazor.Mono (3.0.0-preview9.19462.2)
    Microsoft.AspNetCore.Blazor.Server (3.0.0-preview9.19465.2)
      Microsoft.AspNetCore.SpaServices.Extensions (>= 3.0) - restriction: || (== netcoreapp3.1) (&& (== netstandard2.0) (>= netcoreapp3.0))
      Microsoft.Extensions.FileProviders.Embedded (>= 3.0) - restriction: || (== netcoreapp3.1) (&& (== netstandard2.0) (>= netcoreapp3.0))
      Mono.Cecil (>= 0.10.1) - restriction: || (== netcoreapp3.1) (&& (== netstandard2.0) (>= netcoreapp3.0))
      Newtonsoft.Json (>= 12.0.2) - restriction: || (== netcoreapp3.1) (&& (== netstandard2.0) (>= netcoreapp3.0))
    Microsoft.AspNetCore.Components (3.1)
      Microsoft.AspNetCore.Authorization (>= 3.1)
      Microsoft.AspNetCore.Components.Analyzers (>= 3.1)
      Microsoft.JSInterop (>= 3.1)
      System.ComponentModel.Annotations (>= 4.7) - restriction: == netstandard2.0
    Microsoft.AspNetCore.Components.Analyzers (3.1)
    Microsoft.AspNetCore.Components.Forms (3.1)
      Microsoft.AspNetCore.Components (>= 3.1)
      System.ComponentModel.Annotations (>= 4.7) - restriction: == netstandard2.0
    Microsoft.AspNetCore.Components.Web (3.1)
      Microsoft.AspNetCore.Components (>= 3.1)
      Microsoft.AspNetCore.Components.Forms (>= 3.1)
      Microsoft.Extensions.DependencyInjection (>= 3.1)
      Microsoft.JSInterop (>= 3.1)
    Microsoft.AspNetCore.Metadata (3.1)
    Microsoft.AspNetCore.Mvc.Razor.Extensions (3.1) - restriction: || (== netcoreapp3.1) (&& (== netstandard2.0) (>= netcoreapp3.1))
      Microsoft.AspNetCore.Razor.Language (>= 3.1)
      Microsoft.CodeAnalysis.Razor (>= 3.1)
    Microsoft.AspNetCore.Mvc.Razor.RuntimeCompilation (3.1)
      Microsoft.AspNetCore.Mvc.Razor.Extensions (>= 3.1) - restriction: || (== netcoreapp3.1) (&& (== netstandard2.0) (>= netcoreapp3.1))
      Microsoft.CodeAnalysis.Razor (>= 3.1) - restriction: || (== netcoreapp3.1) (&& (== netstandard2.0) (>= netcoreapp3.1))
      Microsoft.Extensions.DependencyModel (>= 3.1) - restriction: || (== netcoreapp3.1) (&& (== netstandard2.0) (>= netcoreapp3.1))
    Microsoft.AspNetCore.NodeServices (3.1) - restriction: || (== netcoreapp3.1) (&& (== netstandard2.0) (>= netcoreapp3.1))
      Microsoft.Extensions.Logging.Console (>= 3.1) - restriction: || (== netcoreapp3.1) (&& (== netstandard2.0) (>= netcoreapp3.1))
      Newtonsoft.Json (>= 12.0.2) - restriction: || (== netcoreapp3.1) (&& (== netstandard2.0) (>= netcoreapp3.1))
    Microsoft.AspNetCore.Razor.Language (3.1) - restriction: || (== netcoreapp3.1) (&& (== netstandard2.0) (>= netcoreapp3.1))
    Microsoft.AspNetCore.SpaServices (3.1) - restriction: || (== netcoreapp3.1) (&& (== netstandard2.0) (>= netcoreapp3.1))
      Microsoft.AspNetCore.NodeServices (>= 3.1) - restriction: || (== netcoreapp3.1) (&& (== netstandard2.0) (>= netcoreapp3.1))
    Microsoft.AspNetCore.SpaServices.Extensions (3.1) - restriction: || (== netcoreapp3.1) (&& (== netstandard2.0) (>= netcoreapp3.0))
      Microsoft.AspNetCore.SpaServices (>= 3.1) - restriction: || (== netcoreapp3.1) (&& (== netstandard2.0) (>= netcoreapp3.1))
      Microsoft.Extensions.FileProviders.Physical (>= 3.1) - restriction: || (== netcoreapp3.1) (&& (== netstandard2.0) (>= netcoreapp3.1))
    Microsoft.Bcl.AsyncInterfaces (1.1)
      System.Threading.Tasks.Extensions (>= 4.5.2)
    Microsoft.Bcl.HashCode (1.1)
    Microsoft.CodeAnalysis.Analyzers (2.9.8) - restriction: || (== netcoreapp3.1) (&& (== netstandard2.0) (>= netcoreapp3.1))
    Microsoft.CodeAnalysis.Common (3.4) - restriction: || (== netcoreapp3.1) (&& (== netstandard2.0) (>= netcoreapp3.1))
      Microsoft.CodeAnalysis.Analyzers (>= 2.9.6)
      System.Collections.Immutable (>= 1.5)
      System.Memory (>= 4.5.3)
      System.Reflection.Metadata (>= 1.6)
      System.Runtime.CompilerServices.Unsafe (>= 4.5.2)
      System.Text.Encoding.CodePages (>= 4.5.1)
      System.Threading.Tasks.Extensions (>= 4.5.3)
    Microsoft.CodeAnalysis.CSharp (3.4) - restriction: || (== netcoreapp3.1) (&& (== netstandard2.0) (>= netcoreapp3.1))
      Microsoft.CodeAnalysis.Common (3.4)
    Microsoft.CodeAnalysis.Razor (3.1) - restriction: || (== netcoreapp3.1) (&& (== netstandard2.0) (>= netcoreapp3.1))
      Microsoft.AspNetCore.Razor.Language (>= 3.1)
      Microsoft.CodeAnalysis.Common (>= 3.3)
      Microsoft.CodeAnalysis.CSharp (>= 3.3)
    Microsoft.CSharp (4.7)
    Microsoft.Data.Sqlite (3.1)
      Microsoft.Data.Sqlite.Core (>= 3.1)
      SQLitePCLRaw.bundle_e_sqlite3 (>= 2.0.2)
    Microsoft.Data.Sqlite.Core (3.1)
      SQLitePCLRaw.core (>= 2.0.2)
    Microsoft.DotNet.PlatformAbstractions (3.1)
    Microsoft.EntityFrameworkCore (3.1)
      Microsoft.Bcl.AsyncInterfaces (>= 1.1)
      Microsoft.Bcl.HashCode (>= 1.1)
      Microsoft.EntityFrameworkCore.Abstractions (>= 3.1)
      Microsoft.EntityFrameworkCore.Analyzers (>= 3.1)
      Microsoft.Extensions.Caching.Memory (>= 3.1)
      Microsoft.Extensions.DependencyInjection (>= 3.1)
      Microsoft.Extensions.Logging (>= 3.1)
      System.Collections.Immutable (>= 1.7)
      System.ComponentModel.Annotations (>= 4.7)
      System.Diagnostics.DiagnosticSource (>= 4.7)
    Microsoft.EntityFrameworkCore.Abstractions (3.1)
    Microsoft.EntityFrameworkCore.Analyzers (3.1)
    Microsoft.EntityFrameworkCore.Relational (3.1)
      Microsoft.EntityFrameworkCore (>= 3.1)
    Microsoft.EntityFrameworkCore.Sqlite (3.1)
      Microsoft.EntityFrameworkCore.Sqlite.Core (>= 3.1)
      SQLitePCLRaw.bundle_e_sqlite3 (>= 2.0.2)
    Microsoft.EntityFrameworkCore.Sqlite.Core (3.1)
      Microsoft.Data.Sqlite.Core (>= 3.1)
      Microsoft.DotNet.PlatformAbstractions (>= 3.1)
      Microsoft.EntityFrameworkCore.Relational (>= 3.1)
      Microsoft.Extensions.DependencyModel (>= 3.1)
    Microsoft.Extensions.Caching.Abstractions (3.1)
      Microsoft.Extensions.Primitives (>= 3.1)
    Microsoft.Extensions.Caching.Memory (3.1)
      Microsoft.Extensions.Caching.Abstractions (>= 3.1)
      Microsoft.Extensions.DependencyInjection.Abstractions (>= 3.1)
      Microsoft.Extensions.Logging.Abstractions (>= 3.1)
      Microsoft.Extensions.Options (>= 3.1)
    Microsoft.Extensions.Configuration (3.1)
      Microsoft.Extensions.Configuration.Abstractions (>= 3.1)
    Microsoft.Extensions.Configuration.Abstractions (3.1)
      Microsoft.Extensions.Primitives (>= 3.1)
    Microsoft.Extensions.Configuration.Binder (3.1)
      Microsoft.Extensions.Configuration (>= 3.1)
    Microsoft.Extensions.DependencyInjection (3.1)
      Microsoft.Bcl.AsyncInterfaces (>= 1.1) - restriction: || (&& (== netcoreapp3.1) (>= net461)) (&& (== netcoreapp3.1) (< netstandard2.1)) (== netstandard2.0)
      Microsoft.Extensions.DependencyInjection.Abstractions (>= 3.1)
    Microsoft.Extensions.DependencyInjection.Abstractions (3.1)
    Microsoft.Extensions.DependencyModel (3.1)
      System.Text.Json (>= 4.7)
    Microsoft.Extensions.FileProviders.Abstractions (3.1) - restriction: || (== netcoreapp3.1) (&& (== netstandard2.0) (>= netcoreapp3.0))
      Microsoft.Extensions.Primitives (>= 3.1)
    Microsoft.Extensions.FileProviders.Embedded (3.1) - restriction: || (== netcoreapp3.1) (&& (== netstandard2.0) (>= netcoreapp3.0))
      Microsoft.Extensions.FileProviders.Abstractions (>= 3.1)
    Microsoft.Extensions.FileProviders.Physical (3.1) - restriction: || (== netcoreapp3.1) (&& (== netstandard2.0) (>= netcoreapp3.1))
      Microsoft.Extensions.FileProviders.Abstractions (>= 3.1)
      Microsoft.Extensions.FileSystemGlobbing (>= 3.1)
    Microsoft.Extensions.FileSystemGlobbing (3.1) - restriction: || (== netcoreapp3.1) (&& (== netstandard2.0) (>= netcoreapp3.1))
    Microsoft.Extensions.Logging (3.1)
      Microsoft.Extensions.Configuration.Binder (>= 3.1)
      Microsoft.Extensions.DependencyInjection (>= 3.1)
      Microsoft.Extensions.Logging.Abstractions (>= 3.1)
      Microsoft.Extensions.Options (>= 3.1)
    Microsoft.Extensions.Logging.Abstractions (3.1)
    Microsoft.Extensions.Logging.Configuration (3.1) - restriction: || (== netcoreapp3.1) (&& (== netstandard2.0) (>= netcoreapp3.1))
      Microsoft.Extensions.Logging (>= 3.1)
      Microsoft.Extensions.Options.ConfigurationExtensions (>= 3.1)
    Microsoft.Extensions.Logging.Console (3.1) - restriction: || (== netcoreapp3.1) (&& (== netstandard2.0) (>= netcoreapp3.1))
      Microsoft.Extensions.Configuration.Abstractions (>= 3.1)
      Microsoft.Extensions.Logging (>= 3.1)
      Microsoft.Extensions.Logging.Configuration (>= 3.1)
    Microsoft.Extensions.Options (3.1)
      Microsoft.Extensions.DependencyInjection.Abstractions (>= 3.1)
      Microsoft.Extensions.Primitives (>= 3.1)
      System.ComponentModel.Annotations (>= 4.7) - restriction: == netstandard2.0
    Microsoft.Extensions.Options.ConfigurationExtensions (3.1) - restriction: || (== netcoreapp3.1) (&& (== netstandard2.0) (>= netcoreapp3.1))
      Microsoft.Extensions.Configuration.Abstractions (>= 3.1)
      Microsoft.Extensions.Configuration.Binder (>= 3.1)
      Microsoft.Extensions.DependencyInjection.Abstractions (>= 3.1)
      Microsoft.Extensions.Options (>= 3.1)
    Microsoft.Extensions.Primitives (3.1)
      System.Memory (>= 4.5.2) - restriction: == netstandard2.0
      System.Runtime.CompilerServices.Unsafe (>= 4.7) - restriction: == netstandard2.0
    Microsoft.JSInterop (3.1)
      System.Text.Json (>= 4.7) - restriction: == netstandard2.0
    Microsoft.NETCore.Platforms (3.1)
    Microsoft.NETCore.Targets (3.1)
    Microsoft.Win32.Primitives (4.3)
      Microsoft.NETCore.Platforms (>= 1.1)
      Microsoft.NETCore.Targets (>= 1.1)
      System.Runtime (>= 4.3)
    Microsoft.Win32.Registry (4.7)
      System.Buffers (>= 4.5) - restriction: || (&& (== netcoreapp3.1) (>= monoandroid) (< netstandard2.0)) (&& (== netcoreapp3.1) (>= monotouch)) (&& (== netcoreapp3.1) (< netcoreapp2.0)) (&& (== netcoreapp3.1) (>= xamarinios)) (&& (== netcoreapp3.1) (>= xamarinmac)) (&& (== netcoreapp3.1) (>= xamarintvos)) (&& (== netcoreapp3.1) (>= xamarinwatchos)) (== netstandard2.0)
      System.Memory (>= 4.5.3) - restriction: || (&& (== netcoreapp3.1) (< netcoreapp2.0)) (&& (== netcoreapp3.1) (< netcoreapp2.1)) (&& (== netcoreapp3.1) (>= uap10.1)) (== netstandard2.0)
      System.Security.AccessControl (>= 4.7)
      System.Security.Principal.Windows (>= 4.7)
    Mono.Cecil (0.11.1) - restriction: || (== netcoreapp3.1) (&& (== netstandard2.0) (>= netcoreapp3.0))
    Mono.WebAssembly.Interop (3.0)
      Microsoft.JSInterop (>= 3.0)
    NETStandard.Library (2.0.3)
      Microsoft.NETCore.Platforms (>= 1.1)
    Newtonsoft.Json (12.0.3)
    Reactive.Streams (1.0.2)
      NETStandard.Library (>= 1.6)
    runtime.debian.8-x64.runtime.native.System.Security.Cryptography.OpenSsl (4.3.3)
    runtime.debian.9-x64.runtime.native.System.Security.Cryptography.OpenSsl (4.3.3)
    runtime.fedora.23-x64.runtime.native.System.Security.Cryptography.OpenSsl (4.3.3)
    runtime.fedora.24-x64.runtime.native.System.Security.Cryptography.OpenSsl (4.3.3)
    runtime.fedora.27-x64.runtime.native.System.Security.Cryptography.OpenSsl (4.3.3)
    runtime.fedora.28-x64.runtime.native.System.Security.Cryptography.OpenSsl (4.3.3)
    runtime.native.System (4.3.1)
      Microsoft.NETCore.Platforms (>= 1.1.1)
      Microsoft.NETCore.Targets (>= 1.1.3)
    runtime.native.System.Data.SqlClient.sni (4.7)
      runtime.win-arm64.runtime.native.System.Data.SqlClient.sni (>= 4.4)
      runtime.win-x64.runtime.native.System.Data.SqlClient.sni (>= 4.4)
      runtime.win-x86.runtime.native.System.Data.SqlClient.sni (>= 4.4)
    runtime.native.System.Net.Http (4.3.1)
      Microsoft.NETCore.Platforms (>= 1.1.1)
      Microsoft.NETCore.Targets (>= 1.1.3)
    runtime.native.System.Net.Security (4.3.1)
      Microsoft.NETCore.Platforms (>= 1.1.1)
      Microsoft.NETCore.Targets (>= 1.1.3)
    runtime.native.System.Security.Cryptography.Apple (4.3.1)
      runtime.osx.10.10-x64.runtime.native.System.Security.Cryptography.Apple (>= 4.3.1)
    runtime.native.System.Security.Cryptography.OpenSsl (4.3.3)
      runtime.debian.8-x64.runtime.native.System.Security.Cryptography.OpenSsl (>= 4.3.3)
      runtime.debian.9-x64.runtime.native.System.Security.Cryptography.OpenSsl (>= 4.3.3)
      runtime.fedora.23-x64.runtime.native.System.Security.Cryptography.OpenSsl (>= 4.3.3)
      runtime.fedora.24-x64.runtime.native.System.Security.Cryptography.OpenSsl (>= 4.3.3)
      runtime.fedora.27-x64.runtime.native.System.Security.Cryptography.OpenSsl (>= 4.3.3)
      runtime.fedora.28-x64.runtime.native.System.Security.Cryptography.OpenSsl (>= 4.3.3)
      runtime.opensuse.13.2-x64.runtime.native.System.Security.Cryptography.OpenSsl (>= 4.3.3)
      runtime.opensuse.42.1-x64.runtime.native.System.Security.Cryptography.OpenSsl (>= 4.3.3)
      runtime.opensuse.42.3-x64.runtime.native.System.Security.Cryptography.OpenSsl (>= 4.3.3)
      runtime.osx.10.10-x64.runtime.native.System.Security.Cryptography.OpenSsl (>= 4.3.3)
      runtime.rhel.7-x64.runtime.native.System.Security.Cryptography.OpenSsl (>= 4.3.3)
      runtime.ubuntu.14.04-x64.runtime.native.System.Security.Cryptography.OpenSsl (>= 4.3.3)
      runtime.ubuntu.16.04-x64.runtime.native.System.Security.Cryptography.OpenSsl (>= 4.3.3)
      runtime.ubuntu.16.10-x64.runtime.native.System.Security.Cryptography.OpenSsl (>= 4.3.3)
      runtime.ubuntu.18.04-x64.runtime.native.System.Security.Cryptography.OpenSsl (>= 4.3.3)
    runtime.opensuse.13.2-x64.runtime.native.System.Security.Cryptography.OpenSsl (4.3.3)
    runtime.opensuse.42.1-x64.runtime.native.System.Security.Cryptography.OpenSsl (4.3.3)
    runtime.opensuse.42.3-x64.runtime.native.System.Security.Cryptography.OpenSsl (4.3.3)
    runtime.osx.10.10-x64.runtime.native.System.Security.Cryptography.Apple (4.3.1)
    runtime.osx.10.10-x64.runtime.native.System.Security.Cryptography.OpenSsl (4.3.3)
    runtime.rhel.7-x64.runtime.native.System.Security.Cryptography.OpenSsl (4.3.3)
    runtime.ubuntu.14.04-x64.runtime.native.System.Security.Cryptography.OpenSsl (4.3.3)
    runtime.ubuntu.16.04-x64.runtime.native.System.Security.Cryptography.OpenSsl (4.3.3)
    runtime.ubuntu.16.10-x64.runtime.native.System.Security.Cryptography.OpenSsl (4.3.3)
    runtime.ubuntu.18.04-x64.runtime.native.System.Security.Cryptography.OpenSsl (4.3.3)
    runtime.win-arm64.runtime.native.System.Data.SqlClient.sni (4.4)
    runtime.win-x64.runtime.native.System.Data.SqlClient.sni (4.4)
    runtime.win-x86.runtime.native.System.Data.SqlClient.sni (4.4)
    SQLitePCLRaw.bundle_e_sqlite3 (2.0.2)
      SQLitePCLRaw.core (>= 2.0.2)
      SQLitePCLRaw.lib.e_sqlite3 (>= 2.0.2)
      SQLitePCLRaw.provider.dynamic_cdecl (>= 2.0.2) - restriction: || (== netcoreapp3.1) (&& (== netstandard2.0) (>= net461)) (&& (== netstandard2.0) (>= netcoreapp3.0))
      SQLitePCLRaw.provider.e_sqlite3 (>= 2.0.2) - restriction: || (&& (== netcoreapp3.1) (>= monoandroid8.0)) (&& (== netcoreapp3.1) (< netcoreapp3.0)) (== netstandard2.0)
    SQLitePCLRaw.core (2.0.2)
      System.Memory (>= 4.5.3)
    SQLitePCLRaw.lib.e_sqlite3 (2.0.2)
    SQLitePCLRaw.provider.dynamic_cdecl (2.0.2) - restriction: || (== netcoreapp3.1) (&& (== netstandard2.0) (>= net461)) (&& (== netstandard2.0) (>= netcoreapp3.0))
      SQLitePCLRaw.core (>= 2.0.2)
    SQLitePCLRaw.provider.e_sqlite3 (2.0.2) - restriction: || (&& (== netcoreapp3.1) (>= monoandroid8.0)) (&& (== netcoreapp3.1) (< netcoreapp3.0)) (== netstandard2.0)
      SQLitePCLRaw.core (>= 2.0.2)
    SQLProvider (1.1.76)
      FSharp.Core (>= 3.1.2.5)
      NETStandard.Library (>= 2.0)
      System.Console (>= 4.3)
      System.Data.Common (>= 4.3)
      System.Data.Odbc (>= 4.5)
      System.Data.SqlClient (>= 4.4)
      System.IO (>= 4.3)
      System.Reflection (>= 4.3)
      System.Reflection.TypeExtensions (>= 4.3)
      System.Runtime (>= 4.3)
      System.Runtime.Loader (>= 4.3)
      System.Runtime.Serialization.Formatters (>= 4.3)
      System.Runtime.Serialization.Primitives (>= 4.3)
    System.Buffers (4.5) - restriction: || (&& (== netcoreapp3.1) (< netcoreapp2.0)) (== netstandard2.0)
    System.Collections (4.3)
      Microsoft.NETCore.Platforms (>= 1.1)
      Microsoft.NETCore.Targets (>= 1.1)
      System.Runtime (>= 4.3)
    System.Collections.Concurrent (4.3)
      System.Collections (>= 4.3)
      System.Diagnostics.Debug (>= 4.3)
      System.Diagnostics.Tracing (>= 4.3)
      System.Globalization (>= 4.3)
      System.Reflection (>= 4.3)
      System.Resources.ResourceManager (>= 4.3)
      System.Runtime (>= 4.3)
      System.Runtime.Extensions (>= 4.3)
      System.Threading (>= 4.3)
      System.Threading.Tasks (>= 4.3)
    System.Collections.Immutable (1.7)
      System.Memory (>= 4.5.3) - restriction: || (&& (== netcoreapp3.1) (>= net46)) (&& (== netcoreapp3.1) (< netcoreapp2.1)) (&& (== netcoreapp3.1) (< netstandard2.0)) (&& (== netcoreapp3.1) (>= uap10.1)) (== netstandard2.0)
    System.ComponentModel (4.3)
      System.Runtime (>= 4.3)
    System.ComponentModel.Annotations (4.7)
    System.ComponentModel.Primitives (4.3)
      System.ComponentModel (>= 4.3)
      System.Resources.ResourceManager (>= 4.3)
      System.Runtime (>= 4.3)
    System.Console (4.3.1)
      Microsoft.NETCore.Platforms (>= 1.1)
      Microsoft.NETCore.Targets (>= 1.1.2)
      System.IO (>= 4.3)
      System.Runtime (>= 4.3)
      System.Text.Encoding (>= 4.3)
    System.Data.Common (4.3)
      System.Collections (>= 4.3)
      System.Globalization (>= 4.3)
      System.IO (>= 4.3)
      System.Resources.ResourceManager (>= 4.3)
      System.Runtime (>= 4.3)
      System.Runtime.Extensions (>= 4.3)
      System.Text.RegularExpressions (>= 4.3)
      System.Threading.Tasks (>= 4.3)
    System.Data.Odbc (4.7)
      Microsoft.NETCore.Platforms (>= 3.1) - restriction: || (== netcoreapp3.1) (&& (== netstandard2.0) (>= netcoreapp2.0))
    System.Data.SqlClient (4.8)
      Microsoft.Win32.Registry (>= 4.7)
      runtime.native.System.Data.SqlClient.sni (>= 4.7)
      System.Buffers (>= 4.5) - restriction: || (&& (== netcoreapp3.1) (< netcoreapp2.0)) (== netstandard2.0)
      System.Diagnostics.DiagnosticSource (>= 4.7) - restriction: || (&& (== netcoreapp3.1) (< netcoreapp2.0)) (&& (== netcoreapp3.1) (< netcoreapp2.1)) (&& (== netcoreapp3.1) (< netstandard2.0)) (&& (== netcoreapp3.1) (>= uap10.1)) (== netstandard2.0)
      System.Memory (>= 4.5.3) - restriction: || (&& (== netcoreapp3.1) (< netcoreapp2.0)) (&& (== netcoreapp3.1) (< netcoreapp2.1)) (&& (== netcoreapp3.1) (>= uap10.1)) (== netstandard2.0)
      System.Security.Principal.Windows (>= 4.7)
      System.Text.Encoding.CodePages (>= 4.7) - restriction: || (&& (== netcoreapp3.1) (< netcoreapp2.0)) (&& (== netcoreapp3.1) (< netcoreapp2.1)) (&& (== netcoreapp3.1) (< netstandard2.0)) (&& (== netcoreapp3.1) (>= uap10.1)) (== netstandard2.0)
    System.Data.SQLite.Core (1.0.112)
    System.Diagnostics.Contracts (4.3)
      System.Runtime (>= 4.3)
    System.Diagnostics.Debug (4.3)
      Microsoft.NETCore.Platforms (>= 1.1)
      Microsoft.NETCore.Targets (>= 1.1)
      System.Runtime (>= 4.3)
    System.Diagnostics.DiagnosticSource (4.7)
      System.Memory (>= 4.5.3) - restriction: || (&& (== netcoreapp3.1) (>= net45) (< netstandard1.3)) (&& (== netcoreapp3.1) (>= net46)) (&& (== netcoreapp3.1) (< netcoreapp2.1)) (&& (== netcoreapp3.1) (< netstandard2.0)) (&& (== netcoreapp3.1) (>= uap10.1)) (== netstandard2.0)
    System.Diagnostics.StackTrace (4.3)
      System.IO.FileSystem (>= 4.3)
      System.Reflection (>= 4.3)
      System.Reflection.Metadata (>= 1.4.1)
      System.Runtime (>= 4.3)
    System.Diagnostics.Tracing (4.3)
      Microsoft.NETCore.Platforms (>= 1.1)
      Microsoft.NETCore.Targets (>= 1.1)
      System.Runtime (>= 4.3)
    System.Globalization (4.3)
      Microsoft.NETCore.Platforms (>= 1.1)
      Microsoft.NETCore.Targets (>= 1.1)
      System.Runtime (>= 4.3)
    System.Globalization.Calendars (4.3)
      Microsoft.NETCore.Platforms (>= 1.1)
      Microsoft.NETCore.Targets (>= 1.1)
      System.Globalization (>= 4.3)
      System.Runtime (>= 4.3)
    System.Globalization.Extensions (4.3)
      Microsoft.NETCore.Platforms (>= 1.1)
      System.Globalization (>= 4.3)
      System.Resources.ResourceManager (>= 4.3)
      System.Runtime (>= 4.3)
      System.Runtime.Extensions (>= 4.3)
      System.Runtime.InteropServices (>= 4.3)
    System.IO (4.3)
      Microsoft.NETCore.Platforms (>= 1.1)
      Microsoft.NETCore.Targets (>= 1.1)
      System.Runtime (>= 4.3)
      System.Text.Encoding (>= 4.3)
      System.Threading.Tasks (>= 4.3)
    System.IO.FileSystem (4.3)
      Microsoft.NETCore.Platforms (>= 1.1)
      Microsoft.NETCore.Targets (>= 1.1)
      System.IO (>= 4.3)
      System.IO.FileSystem.Primitives (>= 4.3)
      System.Runtime (>= 4.3)
      System.Runtime.Handles (>= 4.3)
      System.Text.Encoding (>= 4.3)
      System.Threading.Tasks (>= 4.3)
    System.IO.FileSystem.Primitives (4.3)
      System.Runtime (>= 4.3)
    System.Linq (4.3)
      System.Collections (>= 4.3)
      System.Diagnostics.Debug (>= 4.3)
      System.Resources.ResourceManager (>= 4.3)
      System.Runtime (>= 4.3)
      System.Runtime.Extensions (>= 4.3)
    System.Memory (4.5.3)
      System.Buffers (>= 4.4) - restriction: || (&& (== netcoreapp3.1) (>= monotouch)) (&& (== netcoreapp3.1) (>= net461)) (&& (== netcoreapp3.1) (< netcoreapp2.0)) (&& (== netcoreapp3.1) (< netstandard1.1)) (&& (== netcoreapp3.1) (< netstandard2.0)) (&& (== netcoreapp3.1) (>= xamarinios)) (&& (== netcoreapp3.1) (>= xamarinmac)) (&& (== netcoreapp3.1) (>= xamarintvos)) (&& (== netcoreapp3.1) (>= xamarinwatchos)) (== netstandard2.0)
      System.Numerics.Vectors (>= 4.4) - restriction: || (&& (== netcoreapp3.1) (>= net461)) (&& (== netcoreapp3.1) (< netcoreapp2.0)) (== netstandard2.0)
      System.Runtime.CompilerServices.Unsafe (>= 4.5.2) - restriction: || (&& (== netcoreapp3.1) (>= monotouch)) (&& (== netcoreapp3.1) (>= net461)) (&& (== netcoreapp3.1) (< netcoreapp2.0)) (&& (== netcoreapp3.1) (< netcoreapp2.1)) (&& (== netcoreapp3.1) (< netstandard1.1)) (&& (== netcoreapp3.1) (< netstandard2.0)) (&& (== netcoreapp3.1) (>= uap10.1)) (&& (== netcoreapp3.1) (>= xamarinios)) (&& (== netcoreapp3.1) (>= xamarinmac)) (&& (== netcoreapp3.1) (>= xamarintvos)) (&& (== netcoreapp3.1) (>= xamarinwatchos)) (== netstandard2.0)
    System.Net.Http (4.3.4)
      Microsoft.NETCore.Platforms (>= 1.1.1)
      runtime.native.System (>= 4.3)
      runtime.native.System.Net.Http (>= 4.3)
      runtime.native.System.Security.Cryptography.OpenSsl (>= 4.3.2)
      System.Collections (>= 4.3)
      System.Diagnostics.Debug (>= 4.3)
      System.Diagnostics.DiagnosticSource (>= 4.3)
      System.Diagnostics.Tracing (>= 4.3)
      System.Globalization (>= 4.3)
      System.Globalization.Extensions (>= 4.3)
      System.IO (>= 4.3)
      System.IO.FileSystem (>= 4.3)
      System.Net.Primitives (>= 4.3)
      System.Resources.ResourceManager (>= 4.3)
      System.Runtime (>= 4.3)
      System.Runtime.Extensions (>= 4.3)
      System.Runtime.Handles (>= 4.3)
      System.Runtime.InteropServices (>= 4.3)
      System.Security.Cryptography.Algorithms (>= 4.3)
      System.Security.Cryptography.Encoding (>= 4.3)
      System.Security.Cryptography.OpenSsl (>= 4.3)
      System.Security.Cryptography.Primitives (>= 4.3)
      System.Security.Cryptography.X509Certificates (>= 4.3)
      System.Text.Encoding (>= 4.3)
      System.Threading (>= 4.3)
      System.Threading.Tasks (>= 4.3)
    System.Net.NameResolution (4.3)
      Microsoft.NETCore.Platforms (>= 1.1)
      runtime.native.System (>= 4.3)
      System.Collections (>= 4.3)
      System.Diagnostics.Tracing (>= 4.3)
      System.Globalization (>= 4.3)
      System.Net.Primitives (>= 4.3)
      System.Resources.ResourceManager (>= 4.3)
      System.Runtime (>= 4.3)
      System.Runtime.Extensions (>= 4.3)
      System.Runtime.Handles (>= 4.3)
      System.Runtime.InteropServices (>= 4.3)
      System.Security.Principal.Windows (>= 4.3)
      System.Threading (>= 4.3)
      System.Threading.Tasks (>= 4.3)
    System.Net.NetworkInformation (4.3)
      Microsoft.NETCore.Platforms (>= 1.1)
      Microsoft.Win32.Primitives (>= 4.3)
      runtime.native.System (>= 4.3)
      System.Collections (>= 4.3)
      System.Diagnostics.Tracing (>= 4.3)
      System.Globalization (>= 4.3)
      System.IO (>= 4.3)
      System.IO.FileSystem (>= 4.3)
      System.IO.FileSystem.Primitives (>= 4.3)
      System.Linq (>= 4.3)
      System.Net.Primitives (>= 4.3)
      System.Net.Sockets (>= 4.3)
      System.Resources.ResourceManager (>= 4.3)
      System.Runtime (>= 4.3)
      System.Runtime.Extensions (>= 4.3)
      System.Runtime.Handles (>= 4.3)
      System.Runtime.InteropServices (>= 4.3)
      System.Security.Principal.Windows (>= 4.3)
      System.Threading (>= 4.3)
      System.Threading.Overlapped (>= 4.3)
      System.Threading.Tasks (>= 4.3)
      System.Threading.Thread (>= 4.3)
      System.Threading.ThreadPool (>= 4.3)
    System.Net.Primitives (4.3.1)
      Microsoft.NETCore.Platforms (>= 1.1.1)
      Microsoft.NETCore.Targets (>= 1.1.3)
      System.Runtime (>= 4.3.1)
      System.Runtime.Handles (>= 4.3)
    System.Net.Security (4.3.2)
      Microsoft.NETCore.Platforms (>= 1.1)
      Microsoft.Win32.Primitives (>= 4.3)
      runtime.native.System (>= 4.3)
      runtime.native.System.Net.Security (>= 4.3)
      runtime.native.System.Security.Cryptography.OpenSsl (>= 4.3.2)
      System.Collections (>= 4.3)
      System.Collections.Concurrent (>= 4.3)
      System.Diagnostics.Tracing (>= 4.3)
      System.Globalization (>= 4.3)
      System.Globalization.Extensions (>= 4.3)
      System.IO (>= 4.3)
      System.Net.Primitives (>= 4.3)
      System.Resources.ResourceManager (>= 4.3)
      System.Runtime (>= 4.3)
      System.Runtime.Extensions (>= 4.3)
      System.Runtime.Handles (>= 4.3)
      System.Runtime.InteropServices (>= 4.3)
      System.Security.Claims (>= 4.3)
      System.Security.Cryptography.Algorithms (>= 4.3)
      System.Security.Cryptography.Encoding (>= 4.3)
      System.Security.Cryptography.OpenSsl (>= 4.3)
      System.Security.Cryptography.Primitives (>= 4.3)
      System.Security.Cryptography.X509Certificates (>= 4.3)
      System.Security.Principal (>= 4.3)
      System.Text.Encoding (>= 4.3)
      System.Threading (>= 4.3)
      System.Threading.Tasks (>= 4.3)
      System.Threading.ThreadPool (>= 4.3)
    System.Net.Sockets (4.3)
      Microsoft.NETCore.Platforms (>= 1.1)
      Microsoft.NETCore.Targets (>= 1.1)
      System.IO (>= 4.3)
      System.Net.Primitives (>= 4.3)
      System.Runtime (>= 4.3)
      System.Threading.Tasks (>= 4.3)
    System.Numerics.Vectors (4.5) - restriction: || (&& (== netcoreapp3.1) (>= net461)) (&& (== netcoreapp3.1) (< netcoreapp2.0)) (== netstandard2.0)
    System.Reflection (4.3)
      Microsoft.NETCore.Platforms (>= 1.1)
      Microsoft.NETCore.Targets (>= 1.1)
      System.IO (>= 4.3)
      System.Reflection.Primitives (>= 4.3)
      System.Runtime (>= 4.3)
    System.Reflection.Metadata (1.8)
    System.Reflection.Primitives (4.3)
      Microsoft.NETCore.Platforms (>= 1.1)
      Microsoft.NETCore.Targets (>= 1.1)
      System.Runtime (>= 4.3)
    System.Reflection.TypeExtensions (4.7)
    System.Resources.ResourceManager (4.3)
      Microsoft.NETCore.Platforms (>= 1.1)
      Microsoft.NETCore.Targets (>= 1.1)
      System.Globalization (>= 4.3)
      System.Reflection (>= 4.3)
      System.Runtime (>= 4.3)
    System.Runtime (4.3.1)
      Microsoft.NETCore.Platforms (>= 1.1.1)
      Microsoft.NETCore.Targets (>= 1.1.3)
    System.Runtime.CompilerServices.Unsafe (4.7)
    System.Runtime.Extensions (4.3.1)
      Microsoft.NETCore.Platforms (>= 1.1.1)
      Microsoft.NETCore.Targets (>= 1.1.3)
      System.Runtime (>= 4.3.1)
    System.Runtime.Handles (4.3)
      Microsoft.NETCore.Platforms (>= 1.1)
      Microsoft.NETCore.Targets (>= 1.1)
      System.Runtime (>= 4.3)
    System.Runtime.InteropServices (4.3)
      Microsoft.NETCore.Platforms (>= 1.1)
      Microsoft.NETCore.Targets (>= 1.1)
      System.Reflection (>= 4.3)
      System.Reflection.Primitives (>= 4.3)
      System.Runtime (>= 4.3)
      System.Runtime.Handles (>= 4.3)
    System.Runtime.Loader (4.3)
      System.IO (>= 4.3)
      System.Reflection (>= 4.3)
      System.Runtime (>= 4.3)
    System.Runtime.Numerics (4.3)
      System.Globalization (>= 4.3)
      System.Resources.ResourceManager (>= 4.3)
      System.Runtime (>= 4.3)
      System.Runtime.Extensions (>= 4.3)
    System.Runtime.Serialization.Formatters (4.3)
      System.Collections (>= 4.3)
      System.Reflection (>= 4.3)
      System.Resources.ResourceManager (>= 4.3)
      System.Runtime (>= 4.3)
      System.Runtime.Serialization.Primitives (>= 4.3)
    System.Runtime.Serialization.Primitives (4.3)
      System.Resources.ResourceManager (>= 4.3)
      System.Runtime (>= 4.3)
    System.Security.AccessControl (4.7)
      Microsoft.NETCore.Platforms (>= 3.1) - restriction: || (== netcoreapp3.1) (&& (== netstandard2.0) (>= netcoreapp2.0))
      System.Security.Principal.Windows (>= 4.7)
    System.Security.Claims (4.3)
      System.Collections (>= 4.3)
      System.Globalization (>= 4.3)
      System.IO (>= 4.3)
      System.Resources.ResourceManager (>= 4.3)
      System.Runtime (>= 4.3)
      System.Runtime.Extensions (>= 4.3)
      System.Security.Principal (>= 4.3)
    System.Security.Cryptography.Algorithms (4.3.1)
      Microsoft.NETCore.Platforms (>= 1.1)
      runtime.native.System.Security.Cryptography.Apple (>= 4.3.1)
      runtime.native.System.Security.Cryptography.OpenSsl (>= 4.3.2)
      System.Collections (>= 4.3)
      System.IO (>= 4.3)
      System.Resources.ResourceManager (>= 4.3)
      System.Runtime (>= 4.3)
      System.Runtime.Extensions (>= 4.3)
      System.Runtime.Handles (>= 4.3)
      System.Runtime.InteropServices (>= 4.3)
      System.Runtime.Numerics (>= 4.3)
      System.Security.Cryptography.Encoding (>= 4.3)
      System.Security.Cryptography.Primitives (>= 4.3)
      System.Text.Encoding (>= 4.3)
    System.Security.Cryptography.Cng (4.7)
    System.Security.Cryptography.Csp (4.3)
      Microsoft.NETCore.Platforms (>= 1.1)
      System.IO (>= 4.3)
      System.Reflection (>= 4.3)
      System.Resources.ResourceManager (>= 4.3)
      System.Runtime (>= 4.3)
      System.Runtime.Extensions (>= 4.3)
      System.Runtime.Handles (>= 4.3)
      System.Runtime.InteropServices (>= 4.3)
      System.Security.Cryptography.Algorithms (>= 4.3)
      System.Security.Cryptography.Encoding (>= 4.3)
      System.Security.Cryptography.Primitives (>= 4.3)
      System.Text.Encoding (>= 4.3)
      System.Threading (>= 4.3)
    System.Security.Cryptography.Encoding (4.3)
      Microsoft.NETCore.Platforms (>= 1.1)
      runtime.native.System.Security.Cryptography.OpenSsl (>= 4.3)
      System.Collections (>= 4.3)
      System.Collections.Concurrent (>= 4.3)
      System.Linq (>= 4.3)
      System.Resources.ResourceManager (>= 4.3)
      System.Runtime (>= 4.3)
      System.Runtime.Extensions (>= 4.3)
      System.Runtime.Handles (>= 4.3)
      System.Runtime.InteropServices (>= 4.3)
      System.Security.Cryptography.Primitives (>= 4.3)
      System.Text.Encoding (>= 4.3)
    System.Security.Cryptography.OpenSsl (4.7)
    System.Security.Cryptography.Primitives (4.3)
      System.Diagnostics.Debug (>= 4.3)
      System.Globalization (>= 4.3)
      System.IO (>= 4.3)
      System.Resources.ResourceManager (>= 4.3)
      System.Runtime (>= 4.3)
      System.Threading (>= 4.3)
      System.Threading.Tasks (>= 4.3)
    System.Security.Cryptography.X509Certificates (4.3.2)
      Microsoft.NETCore.Platforms (>= 1.1)
      runtime.native.System (>= 4.3)
      runtime.native.System.Net.Http (>= 4.3)
      runtime.native.System.Security.Cryptography.OpenSsl (>= 4.3.2)
      System.Collections (>= 4.3)
      System.Diagnostics.Debug (>= 4.3)
      System.Globalization (>= 4.3)
      System.Globalization.Calendars (>= 4.3)
      System.IO (>= 4.3)
      System.IO.FileSystem (>= 4.3)
      System.IO.FileSystem.Primitives (>= 4.3)
      System.Resources.ResourceManager (>= 4.3)
      System.Runtime (>= 4.3)
      System.Runtime.Extensions (>= 4.3)
      System.Runtime.Handles (>= 4.3)
      System.Runtime.InteropServices (>= 4.3)
      System.Runtime.Numerics (>= 4.3)
      System.Security.Cryptography.Algorithms (>= 4.3)
      System.Security.Cryptography.Cng (>= 4.3)
      System.Security.Cryptography.Csp (>= 4.3)
      System.Security.Cryptography.Encoding (>= 4.3)
      System.Security.Cryptography.OpenSsl (>= 4.3)
      System.Security.Cryptography.Primitives (>= 4.3)
      System.Text.Encoding (>= 4.3)
      System.Threading (>= 4.3)
    System.Security.Principal (4.3)
      System.Runtime (>= 4.3)
    System.Security.Principal.Windows (4.7)
    System.Text.Encoding (4.3)
      Microsoft.NETCore.Platforms (>= 1.1)
      Microsoft.NETCore.Targets (>= 1.1)
      System.Runtime (>= 4.3)
    System.Text.Encoding.CodePages (4.7)
      System.Runtime.CompilerServices.Unsafe (>= 4.7) - restriction: || (&& (== netcoreapp3.1) (>= net461)) (&& (== netcoreapp3.1) (< netcoreapp2.0)) (== netstandard2.0)
    System.Text.Encoding.Extensions (4.3)
      Microsoft.NETCore.Platforms (>= 1.1)
      Microsoft.NETCore.Targets (>= 1.1)
      System.Runtime (>= 4.3)
      System.Text.Encoding (>= 4.3)
    System.Text.Json (4.7)
    System.Text.RegularExpressions (4.3.1)
      System.Collections (>= 4.3) - restriction: || (&& (== netcoreapp3.1) (< netcoreapp1.1)) (== netstandard2.0)
      System.Globalization (>= 4.3) - restriction: || (&& (== netcoreapp3.1) (< netcoreapp1.1)) (== netstandard2.0)
      System.Resources.ResourceManager (>= 4.3) - restriction: || (&& (== netcoreapp3.1) (< netcoreapp1.1)) (== netstandard2.0)
      System.Runtime (>= 4.3.1)
      System.Runtime.Extensions (>= 4.3.1) - restriction: || (&& (== netcoreapp3.1) (< netcoreapp1.1)) (== netstandard2.0)
      System.Threading (>= 4.3) - restriction: || (&& (== netcoreapp3.1) (< netcoreapp1.1)) (== netstandard2.0)
    System.Threading (4.3)
      System.Runtime (>= 4.3)
      System.Threading.Tasks (>= 4.3)
    System.Threading.Overlapped (4.3)
      Microsoft.NETCore.Platforms (>= 1.1)
      System.Resources.ResourceManager (>= 4.3)
      System.Runtime (>= 4.3)
      System.Runtime.Handles (>= 4.3)
    System.Threading.Tasks (4.3)
      Microsoft.NETCore.Platforms (>= 1.1)
      Microsoft.NETCore.Targets (>= 1.1)
      System.Runtime (>= 4.3)
    System.Threading.Tasks.Extensions (4.5.3)
      System.Runtime.CompilerServices.Unsafe (>= 4.5.2) - restriction: || (&& (== netcoreapp3.1) (>= net45)) (&& (== netcoreapp3.1) (< netcoreapp2.1)) (&& (== netcoreapp3.1) (< netstandard1.0)) (&& (== netcoreapp3.1) (< netstandard2.0)) (&& (== netcoreapp3.1) (>= wp8)) (== netstandard2.0)
    System.Threading.Thread (4.3)
      System.Runtime (>= 4.3)
    System.Threading.ThreadPool (4.3)
      System.Runtime (>= 4.3)
      System.Runtime.Handles (>= 4.3)
    System.ValueTuple (4.5)
    System.Xml.ReaderWriter (4.3.1)
      System.Collections (>= 4.3)
      System.Diagnostics.Debug (>= 4.3)
      System.Globalization (>= 4.3)
      System.IO (>= 4.3)
      System.IO.FileSystem (>= 4.3)
      System.IO.FileSystem.Primitives (>= 4.3)
      System.Resources.ResourceManager (>= 4.3)
      System.Runtime (>= 4.3)
      System.Runtime.Extensions (>= 4.3)
      System.Runtime.InteropServices (>= 4.3)
      System.Text.Encoding (>= 4.3)
      System.Text.Encoding.Extensions (>= 4.3)
      System.Text.RegularExpressions (>= 4.3)
      System.Threading.Tasks (>= 4.3)
      System.Threading.Tasks.Extensions (>= 4.3)
    System.Xml.XmlDocument (4.3)
      System.Collections (>= 4.3)
      System.Diagnostics.Debug (>= 4.3)
      System.Globalization (>= 4.3)
      System.IO (>= 4.3)
      System.Resources.ResourceManager (>= 4.3)
      System.Runtime (>= 4.3)
      System.Runtime.Extensions (>= 4.3)
      System.Text.Encoding (>= 4.3)
      System.Threading (>= 4.3)
      System.Xml.ReaderWriter (>= 4.3)
    System.Xml.XPath (4.3)
      System.Collections (>= 4.3)
      System.Diagnostics.Debug (>= 4.3)
      System.Globalization (>= 4.3)
      System.IO (>= 4.3)
      System.Resources.ResourceManager (>= 4.3)
      System.Runtime (>= 4.3)
      System.Runtime.Extensions (>= 4.3)
      System.Threading (>= 4.3)
      System.Xml.ReaderWriter (>= 4.3)
    System.Xml.XPath.XmlDocument (4.3)
      System.Collections (>= 4.3)
      System.Globalization (>= 4.3)
      System.IO (>= 4.3)
      System.Resources.ResourceManager (>= 4.3)
      System.Runtime (>= 4.3)
      System.Runtime.Extensions (>= 4.3)
      System.Threading (>= 4.3)
      System.Xml.ReaderWriter (>= 4.3)
      System.Xml.XmlDocument (>= 4.3)
      System.Xml.XPath (>= 4.3)
    TaskBuilder.fs (2.1)
      FSharp.Core (>= 4.1.17)
      NETStandard.Library (>= 1.6.1)
      System.ValueTuple (>= 4.4)
